GEM
  remote: https://rubygems.org/
  specs:
    minitest (5.20.0)
    rake (13.0.6)
    terminal-table (3.0.2)
      unicode-display_width (>= 1.1.1, < 3)
    unicode-display_width (2.5.0)

PLATFORMS
  arm64-darwin-22

DEPENDENCIES
  minitest
  rake
  terminal-table

BUNDLED WITH
   2.4.19
